GIT
  remote: git://github.com/BRITEWEB/capistrano-gulp.git
  revision: 95f02ee6fbd2905613d1253078e1ade00a395c2e
  specs:
    capistrano-gulp (0.0.1)
      capistrano (~> 3.0)

GEM
  remote: https://rubygems.org/
  specs:
    capistrano (3.2.1)
      i18n
      rake (>= 10.0.0)
      sshkit (~> 1.3)
    i18n (0.6.9)
    net-scp (1.2.1)
      net-ssh (>= 2.6.5)
    net-ssh (2.9.1)
    rake (10.3.2)
    sshkit (1.4.0)
      net-scp (>= 1.1.2)
      net-ssh (>= 2.8.0)
      term-ansicolor
    term-ansicolor (1.3.0)
      tins (~> 1.0)
    tins (1.3.0)

PLATFORMS
  ruby

DEPENDENCIES
  capistrano (~> 3.0)
  capistrano-gulp!
